PATH
  remote: .
  specs:
    gatoroid (2.0)
      mongoid (~> 5.1.0)

GEM
  remote: https://rubygems.org/
  specs:
    activemodel (4.2.6)
      activesupport (= 4.2.6)
      builder (~> 3.1)
    activesupport (4.2.6)
      i18n (~> 0.7)
      json (~> 1.7, >= 1.7.7)
      minitest (~> 5.1)
      thread_safe (~> 0.3, >= 0.3.4)
      tzinfo (~> 1.1)
    ast (2.3.0)
    bson (4.1.1)
    builder (3.2.2)
    database_cleaner (1.5.1)
    diff-lcs (1.2.5)
    i18n (0.7.0)
    json (1.8.3)
    metaclass (0.0.4)
    minitest (5.9.0)
    mocha (1.1.0)
      metaclass (~> 0.0.1)
    mongo (2.2.5)
      bson (~> 4.0)
    mongoid (5.1.3)
      activemodel (~> 4.0)
      mongo (~> 2.1)
      origin (~> 2.2)
      tzinfo (>= 0.3.37)
    origin (2.2.0)
    parser (2.3.1.2)
      ast (~> 2.2)
    powerpack (0.1.1)
    rainbow (2.1.0)
    rspec (3.4.0)
      rspec-core (~> 3.4.0)
      rspec-expectations (~> 3.4.0)
      rspec-mocks (~> 3.4.0)
    rspec-core (3.4.4)
      rspec-support (~> 3.4.0)
    rspec-expectations (3.4.0)
      diff-lcs (>= 1.2.0, < 2.0)
      rspec-support (~> 3.4.0)
    rspec-mocks (3.4.1)
      diff-lcs (>= 1.2.0, < 2.0)
      rspec-support (~> 3.4.0)
    rspec-support (3.4.1)
    rubocop (0.36.0)
      parser (>= 2.3.0.0, < 3.0)
      powerpack (~> 0.1)
      rainbow (>= 1.99.1, < 3.0)
      ruby-progressbar (~> 1.7)
    ruby-progressbar (1.8.1)
    thread_safe (0.3.5)
    tzinfo (1.2.2)
      thread_safe (~> 0.1)

PLATFORMS
  ruby

DEPENDENCIES
  database_cleaner (= 1.5.1)
  gatoroid!
  mocha (= 1.1.0)
  rspec (~> 3.1, >= 3.1.0)
  rubocop (= 0.36.0)

BUNDLED WITH
   1.12.4
